PATH
  remote: .
  specs:
    omniauth-mailchimp (1.0)
      omniauth (~> 1.0)
      omniauth-oauth2

GEM
  remote: http://rubygems.org/
  specs:
    activesupport (3.1.1)
      multi_json (~> 1.0)
    addressable (2.2.6)
    diff-lcs (1.1.3)
    faraday (0.7.5)
      addressable (~> 2.2.6)
      multipart-post (~> 1.1.3)
      rack (>= 1.1.0, < 2)
    gibbon (0.3.1)
      activesupport (>= 2.3.14)
      activesupport (>= 2.3.14)
      httparty (> 0.6.0)
      httparty (> 0.6.0)
      json (> 1.4.0)
      json (> 1.4.0)
      rdoc
    hashie (1.2.0)
    httparty (0.8.1)
      multi_json
      multi_xml
    json (1.6.1)
    multi_json (1.0.4)
    multi_xml (0.3.0)
    multipart-post (1.1.4)
    oauth2 (0.5.1)
      faraday (~> 0.7.4)
      multi_json (~> 1.0.3)
    omniauth (1.0.1)
      hashie (~> 1.2)
      rack
    omniauth-oauth2 (1.0.0)
      oauth2 (~> 0.5.0)
      omniauth (~> 1.0)
    rack (1.3.5)
    rack-protection (1.1.4)
      rack
    rake (0.9.2.2)
    rdoc (3.11)
      json (~> 1.4)
    rspec (2.6.0)
      rspec-core (~> 2.6.0)
      rspec-expectations (~> 2.6.0)
      rspec-mocks (~> 2.6.0)
    rspec-core (2.6.4)
    rspec-expectations (2.6.0)
      diff-lcs (~> 1.1.2)
    rspec-mocks (2.6.0)
    sinatra (1.3.1)
      rack (~> 1.3, >= 1.3.4)
      rack-protection (~> 1.1, >= 1.1.2)
      tilt (~> 1.3, >= 1.3.3)
    tilt (1.3.3)

PLATFORMS
  ruby

DEPENDENCIES
  gibbon
  omniauth-mailchimp!
  rake
  rspec (~> 2.6.0)
  sinatra
